GEM
  remote: https://rubygems.org/
  specs:
    bourbon (4.3.4)
      sass (~> 3.4)
      thor (~> 0.19)
    neat (2.1.0)
      sass (~> 3.4)
      thor (~> 0.19)
    sass (3.4.24)
    thor (0.19.4)

PLATFORMS
  ruby

DEPENDENCIES
  bourbon
  neat
  sass

BUNDLED WITH
   1.15.1
